GIT
  remote: git://github.com/rack/rack-contrib.git
  revision: b7e7c38fd02c3b5da91aa57af78b3f571c6ebcd0
  specs:
    rack-contrib (1.1.0)
      rack (>= 0.9.1)

GIT
  remote: git@github.com:bengler/pebbles-cors.git
  revision: d51dc16e96bb7534da7e4dae2e311c8a31b7429a
  specs:
    pebbles-cors (0.0.1)
      dalli
      pebblebed
      rack

GEM
  remote: https://rubygems.org/
  specs:
    activesupport (3.2.9)
      i18n (~> 0.6)
      multi_json (~> 1.0)
    airbrake (3.1.4)
      builder
      girl_friday
    approvals (0.0.6)
      nokogiri
      thor
    arrayfields (4.7.4)
    backports (2.6.4)
    builder (3.0.0)
    bunny (0.8.0)
    chronic (0.7.0)
    connection_pool (0.9.2)
    curb (0.8.3)
    dalli (2.3.0)
    deepstruct (0.0.4)
    diff-lcs (1.1.3)
    eventmachine (0.12.10)
    fattr (2.2.1)
    feedzirra (0.0.24)
      activesupport (>= 2.3.8)
      builder (>= 2.1.2)
      curb (>= 0.2.3)
      loofah (>= 0.3.1)
      nokogiri (> 0.0.0)
      sax-machine (>= 0.0.12)
    futurevalue (0.0.2)
    girl_friday (0.10.0)
      connection_pool (~> 0.9.0)
    i18n (0.6.1)
    kgio (2.7.4)
    loofah (1.2.1)
      nokogiri (>= 1.4.4)
    main (5.0.1)
      arrayfields (>= 4.7.4)
      chronic (>= 0.6.2)
      fattr (>= 2.2.0)
      map (>= 5.1.0)
    map (6.2.0)
    multi_json (1.3.7)
    nokogiri (1.5.5)
    pathbuilder (0.0.2)
    pebble_path (0.0.2)
      pebblebed (>= 0.0.15)
    pebblebed (0.0.32)
      activesupport
      bunny
      curb (>= 0.7.14)
      deepstruct (>= 0.0.4)
      futurevalue
      i18n
      nokogiri
      pathbuilder
      queryparams
      yajl-ruby
    pebbles-uid (0.0.9)
    petroglyph (0.0.3)
      tilt
    queryparams (0.0.3)
    rack (1.5.2)
    rack-protection (1.3.2)
      rack
    rack-test (0.6.1)
      rack (>= 1.0)
    raindrops (0.10.0)
    rspec (2.11.0)
      rspec-core (~> 2.11.0)
      rspec-expectations (~> 2.11.0)
      rspec-mocks (~> 2.11.0)
    rspec-core (2.11.1)
    rspec-expectations (2.11.2)
      diff-lcs (~> 1.1.3)
    rspec-mocks (2.11.2)
    sax-machine (0.1.0)
      nokogiri (> 0.0.0)
    servolux (0.10.0)
    simplecov (0.6.4)
      multi_json (~> 1.0)
      simplecov-html (~> 0.5.3)
    simplecov-html (0.5.3)
    sinatra (1.3.4)
      rack (~> 1.4)
      rack-protection (~> 1.3)
      tilt (~> 1.3, >= 1.3.3)
    sinatra-contrib (1.3.1)
      backports (>= 2.0)
      eventmachine
      rack-protection
      rack-test
      sinatra (~> 1.3.0)
      tilt (~> 1.3)
    thor (0.16.0)
    tilt (1.3.3)
    unicorn (4.1.1)
      kgio (~> 2.4)
      rack
      raindrops (~> 0.6)
    yajl-ruby (1.1.0)

PLATFORMS
  ruby

DEPENDENCIES
  airbrake (~> 3.1.4)
  approvals
  feedzirra
  main (~> 5.0.1)
  pebble_path
  pebblebed
  pebbles-cors!
  pebbles-uid
  petroglyph
  rack-contrib!
  rspec
  servolux
  simplecov
  sinatra
  sinatra-contrib
  thor
  unicorn (~> 4.1.1)
