GIT
  remote: https://github.com/bengler/pebbles-cors
  revision: 91f57a06671c1c3a15e50a5c8332f9699dc9bdba
  specs:
    pebbles-cors (0.2.3)
      dalli
      pebblebed
      rack

GEM
  remote: https://rubygems.org/
  specs:
    absolute_time (1.0.0)
    activesupport (4.2.10)
      i18n (~> 0.7)
      minitest (~> 5.1)
      thread_safe (~> 0.3, >= 0.3.4)
      tzinfo (~> 1.1)
    addressable (2.5.2)
      public_suffix (>= 2.0.2, < 4.0)
    airbrake (3.1.17)
      builder
      multi_json
    amq-protocol (1.9.2)
    approvals (0.0.22)
      nokogiri (~> 1.6)
      thor (~> 0.18)
    arrayfields (4.9.2)
    backports (3.6.7)
    builder (3.2.2)
    bunny (1.7.1)
      amq-protocol (~> 1.9.2)
    chronic (0.10.2)
    concurrent-ruby (1.0.5)
    curb (0.8.8)
    dalli (2.7.5)
    deepstruct (0.0.7)
    diff-lcs (1.2.5)
    excon (0.62.0)
    fattr (2.2.2)
    futurevalue (0.0.2)
    git-version-bump (0.15.1)
    i18n (0.9.4)
      concurrent-ruby (~> 1.0)
    kgio (2.10.0)
    main (5.0.1)
      arrayfields (>= 4.7.4)
      chronic (>= 0.6.2)
      fattr (>= 2.2.0)
      map (>= 5.1.0)
    map (6.5.5)
    memcache_mock (0.0.14)
    mercenary (0.3.5)
    mini_portile2 (2.3.0)
    minitest (5.11.3)
    multi_json (1.11.2)
    nokogiri (1.8.2)
      mini_portile2 (~> 2.3.0)
    pathbuilder (0.0.2)
    pebblebed (0.4.4)
      absolute_time
      activesupport
      addressable
      bunny
      deepstruct (>= 0.0.4)
      excon (>= 0.52.0)
      futurevalue
      nokogiri
      pathbuilder
      queryparams
      yajl-ruby
    pebbles-path (0.0.3)
      pebbles-uid (>= 0.0.6)
    pebbles-river (0.2.6)
      activesupport (>= 3.0)
      bunny (~> 1.7.0)
      mercenary (~> 0.3.3)
      pebblebed (>= 0.3.0)
      servolux (~> 0.10)
    pebbles-uid (0.0.22)
    petroglyph (0.0.7)
      tilt
    public_suffix (3.0.2)
    queryparams (0.0.3)
    rack (1.6.4)
    rack-contrib (1.4.0)
      git-version-bump (~> 0.15)
      rack (~> 1.4)
    rack-protection (1.5.3)
      rack
    rack-test (0.6.3)
      rack (>= 1.0)
    raindrops (0.15.0)
    rspec (2.14.1)
      rspec-core (~> 2.14.0)
      rspec-expectations (~> 2.14.0)
      rspec-mocks (~> 2.14.0)
    rspec-core (2.14.8)
    rspec-expectations (2.14.5)
      diff-lcs (>= 1.1.3, < 2.0)
    rspec-mocks (2.14.6)
    servolux (0.10.0)
    simplecov (0.6.4)
      multi_json (~> 1.0)
      simplecov-html (~> 0.5.3)
    simplecov-html (0.5.3)
    sinatra (1.4.6)
      rack (~> 1.4)
      rack-protection (~> 1.4)
      tilt (>= 1.3, < 3)
    sinatra-contrib (1.4.6)
      backports (>= 2.0)
      multi_json
      rack-protection
      rack-test
      sinatra (~> 1.4.0)
      tilt (>= 1.3, < 3)
    thor (0.18.1)
    thread_safe (0.3.6)
    tilt (2.0.1)
    tzinfo (1.2.5)
      thread_safe (~> 0.1)
    unicorn (4.8.3)
      kgio (~> 2.6)
      rack
      raindrops (~> 0.7)
    yajl-ruby (1.3.1)

PLATFORMS
  ruby

DEPENDENCIES
  activesupport (~> 4.2.6)
  airbrake (~> 3.1.4)
  approvals (~> 0.0.16)
  backports (~> 3.6.4)
  curb (~> 0.8.8)
  main (~> 5.0.1)
  memcache_mock (~> 0.0.14)
  pebblebed (~> 0.4.4)
  pebbles-cors!
  pebbles-path (~> 0.0.3)
  pebbles-river (~> 0.2.4)
  pebbles-uid (~> 0.0.22)
  petroglyph (~> 0.0.7)
  rack-contrib (~> 1.4.0)
  rspec (~> 2.14.1)
  servolux (~> 0.10.0)
  simplecov (~> 0.6.4)
  sinatra (~> 1.4.6)
  sinatra-contrib (~> 1.4.6)
  thor (~> 0.18.0)
  unicorn (~> 4.8.3)

BUNDLED WITH
   1.16.1
