GIT
  remote: https://github.com/bengler/pebbles-cors
  revision: 4653b7cbc35bd3bfdd3e73dcabb040586c746e74
  specs:
    pebbles-cors (0.2.2)
      dalli
      pebblebed
      rack

GIT
  remote: https://github.com/rack/rack-contrib
  revision: 34062096a468b5d9adac87692599d4974ea69f15
  specs:
    rack-contrib (1.2.0)
      rack (>= 0.9.1)

GIT
  remote: https://github.com/sinatra/sinatra-contrib
  revision: d856355561dd5b1e1e80f493d6df6806afac1b63
  specs:
    sinatra-contrib (1.4.4)
      backports (>= 2.0)
      multi_json
      rack-protection
      rack-test
      sinatra (~> 1.4.0)
      tilt (>= 1.3, < 3)

GEM
  remote: https://rubygems.org/
  specs:
    activesupport (4.2.1)
      i18n (~> 0.7)
      json (~> 1.7, >= 1.7.7)
      minitest (~> 5.1)
      thread_safe (~> 0.3, >= 0.3.4)
      tzinfo (~> 1.1)
    airbrake (3.1.17)
      builder
      multi_json
    amq-protocol (1.9.2)
    approvals (0.0.20)
      nokogiri (~> 1.6)
      thor (~> 0.18)
    arrayfields (4.9.2)
    backports (3.6.4)
    builder (3.2.2)
    bunny (1.7.0)
      amq-protocol (>= 1.9.2)
    chronic (0.10.2)
    curb (0.8.8)
    dalli (2.7.4)
    deepstruct (0.0.7)
    diff-lcs (1.2.5)
    fattr (2.2.2)
    futurevalue (0.0.2)
    i18n (0.7.0)
    json (1.8.3)
    kgio (2.9.3)
    main (5.0.1)
      arrayfields (>= 4.7.4)
      chronic (>= 0.6.2)
      fattr (>= 2.2.0)
      map (>= 5.1.0)
    map (6.5.5)
    memcache_mock (0.0.14)
    mercenary (0.3.5)
    mini_portile (0.6.2)
    minitest (5.7.0)
    multi_json (1.11.0)
    nokogiri (1.6.6.2)
      mini_portile (~> 0.6.0)
    pathbuilder (0.0.2)
    pebblebed (0.3.3)
      activesupport
      bunny
      curb (>= 0.8.4)
      deepstruct (>= 0.0.4)
      futurevalue
      nokogiri
      pathbuilder
      queryparams
      yajl-ruby
    pebbles-path (0.0.3)
      pebbles-uid (>= 0.0.6)
    pebbles-river (0.2.4)
      activesupport (>= 3.0)
      bunny (~> 1.7.0)
      mercenary (~> 0.3.3)
      pebblebed (>= 0.3.0)
      servolux (~> 0.10)
    pebbles-uid (0.0.22)
    petroglyph (0.0.7)
      tilt
    queryparams (0.0.3)
    rack (1.6.1)
    rack-protection (1.5.3)
      rack
    rack-test (0.6.3)
      rack (>= 1.0)
    raindrops (0.13.0)
    rspec (2.14.1)
      rspec-core (~> 2.14.0)
      rspec-expectations (~> 2.14.0)
      rspec-mocks (~> 2.14.0)
    rspec-core (2.14.8)
    rspec-expectations (2.14.5)
      diff-lcs (>= 1.1.3, < 2.0)
    rspec-mocks (2.14.6)
    servolux (0.10.0)
    simplecov (0.6.4)
      multi_json (~> 1.0)
      simplecov-html (~> 0.5.3)
    simplecov-html (0.5.3)
    sinatra (1.4.6)
      rack (~> 1.4)
      rack-protection (~> 1.4)
      tilt (>= 1.3, < 3)
    thor (0.18.1)
    thread_safe (0.3.5)
    tilt (2.0.1)
    tzinfo (1.2.2)
      thread_safe (~> 0.1)
    unicorn (4.8.3)
      kgio (~> 2.6)
      rack
      raindrops (~> 0.7)
    yajl-ruby (1.2.1)

PLATFORMS
  ruby

DEPENDENCIES
  airbrake (~> 3.1.4)
  approvals (~> 0.0.16)
  backports (~> 3.6.4)
  curb (~> 0.8.8)
  main (~> 5.0.1)
  memcache_mock (~> 0.0.14)
  pebblebed (~> 0.3.3)
  pebbles-cors!
  pebbles-path (~> 0.0.3)
  pebbles-river (~> 0.2.4)
  pebbles-uid (~> 0.0.22)
  petroglyph (~> 0.0.7)
  rack-contrib!
  rspec (~> 2.14.1)
  servolux (~> 0.10.0)
  simplecov (~> 0.6.4)
  sinatra (~> 1.4.6)
  sinatra-contrib!
  thor (~> 0.18.0)
  unicorn (~> 4.8.3)
