GIT
  remote: https://github.com/bengler/pebbles-cors
  revision: 83b726717ecf76cf4599212e18d1fab6f9b2b376
  specs:
    pebbles-cors (0.1.1)
      dalli
      pebblebed
      rack

GIT
  remote: https://github.com/rack/rack-contrib
  revision: 6ff3ca2b2d988911ca52a2712f6a7da5e064aa27
  specs:
    rack-contrib (1.2.0)
      rack (>= 0.9.1)

GEM
  remote: https://rubygems.org/
  specs:
    activesupport (4.0.3)
      i18n (~> 0.6, >= 0.6.4)
      minitest (~> 4.2)
      multi_json (~> 1.3)
      thread_safe (~> 0.1)
      tzinfo (~> 0.3.37)
    airbrake (3.1.4)
      builder
      girl_friday
    amq-protocol (1.9.2)
    approvals (0.0.6)
      nokogiri
      thor
    arrayfields (4.7.4)
    atomic (1.1.14)
    backports (2.6.4)
    builder (3.0.0)
    bunny (1.3.1)
      amq-protocol (>= 1.9.2)
    chronic (0.7.0)
    connection_pool (0.9.2)
    curb (0.8.5)
    dalli (2.7.0)
    deepstruct (0.0.7)
    diff-lcs (1.2.5)
    eventmachine (0.12.10)
    fattr (2.2.1)
    feedzirra (0.0.24)
      activesupport (>= 2.3.8)
      builder (>= 2.1.2)
      curb (>= 0.2.3)
      loofah (>= 0.3.1)
      nokogiri (> 0.0.0)
      sax-machine (>= 0.0.12)
    futurevalue (0.0.2)
    girl_friday (0.10.0)
      connection_pool (~> 0.9.0)
    i18n (0.6.9)
    kgio (2.7.4)
    loofah (1.2.1)
      nokogiri (>= 1.4.4)
    main (5.0.1)
      arrayfields (>= 4.7.4)
      chronic (>= 0.6.2)
      fattr (>= 2.2.0)
      map (>= 5.1.0)
    map (6.2.0)
    memcache_mock (0.0.14)
    mini_portile (0.5.2)
    minitest (4.7.5)
    multi_json (1.8.4)
    nokogiri (1.6.1)
      mini_portile (~> 0.5.0)
    pathbuilder (0.0.2)
    pebble_path (0.0.2)
      pebblebed (>= 0.0.15)
    pebblebed (0.2.1)
      activesupport
      bunny (~> 1.3.1)
      curb (>= 0.8.4)
      deepstruct (>= 0.0.4)
      futurevalue
      nokogiri
      pathbuilder
      queryparams
      yajl-ruby
    pebbles-uid (0.0.9)
    petroglyph (0.0.3)
      tilt
    queryparams (0.0.3)
    rack (1.5.2)
    rack-protection (1.3.2)
      rack
    rack-test (0.6.1)
      rack (>= 1.0)
    raindrops (0.10.0)
    rspec (2.14.1)
      rspec-core (~> 2.14.0)
      rspec-expectations (~> 2.14.0)
      rspec-mocks (~> 2.14.0)
    rspec-core (2.14.8)
    rspec-expectations (2.14.5)
      diff-lcs (>= 1.1.3, < 2.0)
    rspec-mocks (2.14.6)
    sax-machine (0.1.0)
      nokogiri (> 0.0.0)
    servolux (0.10.0)
    simplecov (0.6.4)
      multi_json (~> 1.0)
      simplecov-html (~> 0.5.3)
    simplecov-html (0.5.3)
    sinatra (1.3.4)
      rack (~> 1.4)
      rack-protection (~> 1.3)
      tilt (~> 1.3, >= 1.3.3)
    sinatra-contrib (1.3.1)
      backports (>= 2.0)
      eventmachine
      rack-protection
      rack-test
      sinatra (~> 1.3.0)
      tilt (~> 1.3)
    thor (0.16.0)
    thread_safe (0.1.3)
      atomic
    tilt (1.3.3)
    tzinfo (0.3.38)
    unicorn (4.1.1)
      kgio (~> 2.4)
      rack
      raindrops (~> 0.6)
    yajl-ruby (1.2.1)

PLATFORMS
  ruby

DEPENDENCIES
  airbrake (~> 3.1.4)
  approvals
  feedzirra
  main (~> 5.0.1)
  memcache_mock
  pebble_path
  pebblebed (>= 0.2.1)
  pebbles-cors!
  pebbles-uid
  petroglyph
  rack-contrib!
  rspec
  servolux
  simplecov
  sinatra
  sinatra-contrib
  thor
  unicorn (~> 4.1.1)
