GIT
  remote: git://github.com/bengler/bengler_test_helper.git
  revision: 599b0c5cec320a9d7b1f1bca378c9e33bd25f27d
  specs:
    bengler_test_helper (0.0.2)

GIT
  remote: git://github.com/rack/rack-contrib.git
  revision: b7e7c38fd02c3b5da91aa57af78b3f571c6ebcd0
  specs:
    rack-contrib (1.1.0)
      rack (>= 0.9.1)

GIT
  remote: git@github.com:bengler/apdm.git
  revision: acc54f7764a286b96e8bc76eefbeeaede390d35f
  specs:
    apdm (0.0.1)
      curb
      feedzirra (~> 0.2.0.rc2)
      nokogiri
      queryparams
      rgeo
      rgeo-geojson

GEM
  remote: http://rubygems.org/
  specs:
    activesupport (3.2.8)
      i18n (~> 0.6)
      multi_json (~> 1.0)
    backports (2.6.3)
    bunny (0.8.0)
    curb (0.8.1)
    deepstruct (0.0.2)
    diff-lcs (1.1.3)
    eventmachine (0.12.10)
    feedzirra (0.2.0.rc2)
      curb (~> 0.8.0)
      gorillib (~> 0.1.9)
      loofah (~> 1.2.1)
      nokogiri (~> 1.5.3)
      sax-machine (~> 0.2.0.rc1)
    futurevalue (0.0.2)
    gorillib (0.1.11)
      json
    i18n (0.6.0)
    json (1.7.4)
    kgio (2.7.4)
    loofah (1.2.1)
      nokogiri (>= 1.4.4)
    multi_json (1.3.6)
    nokogiri (1.5.5)
    pathbuilder (0.0.2)
    pebblebed (0.0.19)
      activesupport
      bunny
      curb (>= 0.7.14)
      deepstruct (>= 0.0.2)
      futurevalue
      i18n
      nokogiri
      pathbuilder
      queryparams
      yajl-ruby
    petroglyph (0.0.3)
      tilt
    queryparams (0.0.3)
    rack (1.4.1)
    rack-protection (1.2.0)
      rack
    rack-test (0.6.1)
      rack (>= 1.0)
    raindrops (0.10.0)
    rgeo (0.3.15)
    rgeo-geojson (0.2.3)
      rgeo (>= 0.3.7)
    rspec (2.11.0)
      rspec-core (~> 2.11.0)
      rspec-expectations (~> 2.11.0)
      rspec-mocks (~> 2.11.0)
    rspec-core (2.11.1)
    rspec-expectations (2.11.2)
      diff-lcs (~> 1.1.3)
    rspec-mocks (2.11.2)
    sax-machine (0.2.0.rc1)
      nokogiri (~> 1.5.2)
    sinatra (1.3.3)
      rack (~> 1.3, >= 1.3.6)
      rack-protection (~> 1.2)
      tilt (~> 1.3, >= 1.3.3)
    sinatra-contrib (1.3.1)
      backports (>= 2.0)
      eventmachine
      rack-protection
      rack-test
      sinatra (~> 1.3.0)
      tilt (~> 1.3)
    tilt (1.3.3)
    unicorn (4.1.1)
      kgio (~> 2.4)
      rack
      raindrops (~> 0.6)
    yajl-ruby (1.1.0)

PLATFORMS
  ruby

DEPENDENCIES
  apdm!
  bengler_test_helper!
  pebblebed
  petroglyph
  rack-contrib!
  rspec
  sinatra
  sinatra-contrib
  unicorn (~> 4.1.1)
